GEM
  remote: http://rubygems.org/
  specs:
    gosu (0.7.33)
    texplay (0.3.5)
      gosu (>= 0.7.25)

PLATFORMS
  ruby

DEPENDENCIES
  gosu (= 0.7.33)
  texplay (~> 0.3.5)
